PATH
  remote: .
  specs:
    luna-binary-uploader (0.1.21)
      cocoapods
      cocoapods-generate (~> 2.0.1)
      cocoapods-imy-bin (= 0.3.1.3)
      gli (= 2.19.0)
      parallel

GEM
  remote: https://rubygems.org/
  specs:
    CFPropertyList (3.0.4)
      rexml
    activesupport (6.1.4.1)
      concurrent-ruby (~> 1.0, >= 1.0.2)
      i18n (>= 1.6, < 2)
      minitest (>= 5.1)
      tzinfo (~> 2.0)
      zeitwerk (~> 2.3)
    addressable (2.8.0)
      public_suffix (>= 2.0.2, < 5.0)
    algoliasearch (1.27.5)
      httpclient (~> 2.8, >= 2.8.3)
      json (>= 1.5.1)
    aruba (2.0.0)
      bundler (>= 1.17, < 3.0)
      childprocess (>= 2.0, < 5.0)
      contracts (>= 0.16.0, < 0.18.0)
      cucumber (>= 4.0, < 8.0)
      rspec-expectations (~> 3.4)
      thor (~> 1.0)
    atomos (0.1.3)
    builder (3.2.4)
    childprocess (4.1.0)
    claide (1.0.3)
    cocoapods (1.11.2)
      addressable (~> 2.8)
      claide (>= 1.0.2, < 2.0)
      cocoapods-core (= 1.11.2)
      cocoapods-deintegrate (>= 1.0.3, < 2.0)
      cocoapods-downloader (>= 1.4.0, < 2.0)
      cocoapods-plugins (>= 1.0.0, < 2.0)
      cocoapods-search (>= 1.0.0, < 2.0)
      cocoapods-trunk (>= 1.4.0, < 2.0)
      cocoapods-try (>= 1.1.0, < 2.0)
      colored2 (~> 3.1)
      escape (~> 0.0.4)
      fourflusher (>= 2.3.0, < 3.0)
      gh_inspector (~> 1.0)
      molinillo (~> 0.8.0)
      nap (~> 1.0)
      ruby-macho (>= 1.0, < 3.0)
      xcodeproj (>= 1.21.0, < 2.0)
    cocoapods-core (1.11.2)
      activesupport (>= 5.0, < 7)
      addressable (~> 2.8)
      algoliasearch (~> 1.0)
      concurrent-ruby (~> 1.1)
      fuzzy_match (~> 2.0.4)
      nap (~> 1.0)
      netrc (~> 0.11)
      public_suffix (~> 4.0)
      typhoeus (~> 1.0)
    cocoapods-deintegrate (1.0.5)
    cocoapods-disable-podfile-validations (0.1.1)
    cocoapods-downloader (1.5.1)
    cocoapods-generate (2.0.1)
      cocoapods-disable-podfile-validations (~> 0.1.1)
    cocoapods-imy-bin (0.3.1.3)
      cocoapods
      cocoapods-generate (~> 2.0.0)
      parallel
    cocoapods-plugins (1.0.0)
      nap
    cocoapods-search (1.0.1)
    cocoapods-trunk (1.6.0)
      nap (>= 0.8, < 2.0)
      netrc (~> 0.11)
    cocoapods-try (1.2.0)
    colored2 (3.1.2)
    concurrent-ruby (1.1.9)
    contracts (0.16.1)
    cucumber (7.1.0)
      builder (~> 3.2, >= 3.2.4)
      cucumber-core (~> 10.1, >= 10.1.0)
      cucumber-create-meta (~> 6.0, >= 6.0.1)
      cucumber-cucumber-expressions (~> 14.0, >= 14.0.0)
      cucumber-gherkin (~> 22.0, >= 22.0.0)
      cucumber-html-formatter (~> 17.0, >= 17.0.0)
      cucumber-messages (~> 17.1, >= 17.1.1)
      cucumber-wire (~> 6.2, >= 6.2.0)
      diff-lcs (~> 1.4, >= 1.4.4)
      mime-types (~> 3.3, >= 3.3.1)
      multi_test (~> 0.1, >= 0.1.2)
      sys-uname (~> 1.2, >= 1.2.2)
    cucumber-core (10.1.0)
      cucumber-gherkin (~> 22.0, >= 22.0.0)
      cucumber-messages (~> 17.1, >= 17.1.1)
      cucumber-tag-expressions (~> 4.0, >= 4.0.2)
    cucumber-create-meta (6.0.2)
      cucumber-messages (~> 17.1, >= 17.1.1)
      sys-uname (~> 1.2, >= 1.2.2)
    cucumber-cucumber-expressions (14.0.0)
    cucumber-gherkin (22.0.0)
      cucumber-messages (~> 17.1, >= 17.1.1)
    cucumber-html-formatter (17.0.0)
      cucumber-messages (~> 17.1, >= 17.1.0)
    cucumber-messages (17.1.1)
    cucumber-tag-expressions (4.1.0)
    cucumber-wire (6.2.0)
      cucumber-core (~> 10.1, >= 10.1.0)
      cucumber-cucumber-expressions (~> 14.0, >= 14.0.0)
      cucumber-messages (~> 17.1, >= 17.1.1)
    diff-lcs (1.4.4)
    escape (0.0.4)
    ethon (0.15.0)
      ffi (>= 1.15.0)
    ffi (1.15.4)
    fourflusher (2.3.1)
    fuzzy_match (2.0.4)
    gh_inspector (1.1.3)
    gli (2.19.0)
    httpclient (2.8.3)
    i18n (1.8.10)
      concurrent-ruby (~> 1.0)
    json (2.6.0)
    mime-types (3.3.1)
      mime-types-data (~> 3.2015)
    mime-types-data (3.2021.0901)
    minitest (5.14.4)
    molinillo (0.8.0)
    multi_test (0.1.2)
    nanaimo (0.3.0)
    nap (1.1.0)
    netrc (0.11.0)
    parallel (1.21.0)
    public_suffix (4.0.6)
    rake (12.3.3)
    rdoc (6.3.2)
    rexml (3.2.5)
    rspec-expectations (3.10.1)
      diff-lcs (>= 1.2.0, < 2.0)
      rspec-support (~> 3.10.0)
    rspec-support (3.10.2)
    ruby-macho (2.5.1)
    sys-uname (1.2.2)
      ffi (~> 1.1)
    thor (1.1.0)
    typhoeus (1.4.0)
      ethon (>= 0.9.0)
    tzinfo (2.0.4)
      concurrent-ruby (~> 1.0)
    xcodeproj (1.21.0)
      CFPropertyList (>= 2.3.3, < 4.0)
      atomos (~> 0.1.3)
      claide (>= 1.0.2, < 2.0)
      colored2 (~> 3.1)
      nanaimo (~> 0.3.0)
      rexml (~> 3.2.4)
    zeitwerk (2.5.0)

PLATFORMS
  ruby

DEPENDENCIES
  aruba
  luna-binary-uploader!
  rake (~> 12.0)
  rdoc

BUNDLED WITH
   2.1.4
